GEM
  remote: https://rubygems.org/
  specs:
    add (0.3.2)
    bundle (0.0.1)
      bundler
    diff-lcs (1.5.0)
    pg (1.4.3)
    rspec (3.11.0)
      rspec-core (~> 3.11.0)
      rspec-expectations (~> 3.11.0)
      rspec-mocks (~> 3.11.0)
    rspec-core (3.11.0)
      rspec-support (~> 3.11.0)
    rspec-expectations (3.11.0)
      diff-lcs (>= 1.2.0, < 2.0)
      rspec-support (~> 3.11.0)
    rspec-mocks (3.11.1)
      diff-lcs (>= 1.2.0, < 2.0)
      rspec-support (~> 3.11.0)
    rspec-support (3.11.0)

PLATFORMS
  arm64-darwin-21

DEPENDENCIES
  add (~> 0.3.2)
  bundle (~> 0.0.1)
  pg (~> 1.4)
  rspec (~> 3.11)

BUNDLED WITH
   2.3.20
